NRRD0002
content: Engine
type: unsigned char
dimension: 3
sizes: 149 208 110
spacings: 1 1 1
labels: "x" "y" "z"
data file: ./engine.raw
encoding: raw
