NRRD0001
content: tooth
type: unsigned short
dimension: 3
sizes: 103 94 161
spacings: 1 1 1
data file: ./tooth.raw
endian: big
encoding: raw
